GEM
  remote: https://rubygems.org/
  specs:
    activesupport (5.2.1)
      concurrent-ruby (~> 1.0, >= 1.0.2)
      i18n (>= 0.7, < 2)
      minitest (~> 5.1)
      tzinfo (~> 1.1)
    addressable (2.5.2)
      public_suffix (>= 2.0.2, < 4.0)
    ast (2.4.0)
    byebug (10.0.2)
    coderay (1.1.2)
    concurrent-ruby (1.0.5)
    crack (0.4.3)
      safe_yaml (~> 1.0.0)
    declarative (0.0.10)
    declarative-option (0.1.0)
    diff-lcs (1.3)
    faraday (0.15.3)
      multipart-post (>= 1.2, < 3)
    google-api-client (0.24.0)
      addressable (~> 2.5, >= 2.5.1)
      googleauth (>= 0.5, < 0.7.0)
      httpclient (>= 2.8.1, < 3.0)
      mime-types (~> 3.0)
      representable (~> 3.0)
      retriable (>= 2.0, < 4.0)
      signet (~> 0.9)
    googleauth (0.6.6)
      faraday (~> 0.12)
      jwt (>= 1.4, < 3.0)
      memoist (~> 0.12)
      multi_json (~> 1.11)
      os (>= 0.9, < 2.0)
      signet (~> 0.7)
    govuk_app_config (1.8.0)
      logstasher (~> 1.2.2)
      sentry-raven (~> 2.7.1)
      statsd-ruby (~> 1.4.0)
      unicorn (~> 5.4.0)
    hashdiff (0.3.7)
    httpclient (2.8.3)
    i18n (1.1.0)
      concurrent-ruby (~> 1.0)
    jaro_winkler (1.5.4)
    jwt (2.1.0)
    kgio (2.11.2)
    logstash-event (1.2.02)
    logstasher (1.2.2)
      activesupport (>= 4.0)
      logstash-event (~> 1.2.0)
      request_store
    memoist (0.16.0)
    method_source (0.9.0)
    mime-types (3.2.2)
      mime-types-data (~> 3.2015)
    mime-types-data (3.2018.0812)
    minitest (5.11.3)
    multi_json (1.13.1)
    multipart-post (2.0.0)
    os (1.0.0)
    parallel (1.19.1)
    parser (2.7.0.3)
      ast (~> 2.4.0)
    plek (2.1.1)
    pry (0.11.3)
      coderay (~> 1.1.0)
      method_source (~> 0.9.0)
    pry-byebug (3.6.0)
      byebug (~> 10.0)
      pry (~> 0.10)
    public_suffix (3.0.3)
    rack (2.0.8)
    rainbow (3.0.0)
    raindrops (0.19.0)
    rake (12.3.3)
    representable (3.0.4)
      declarative (< 0.1.0)
      declarative-option (< 0.2.0)
      uber (< 0.2.0)
    request_store (1.4.1)
      rack (>= 1.4)
    retriable (3.1.2)
    rspec (3.8.0)
      rspec-core (~> 3.8.0)
      rspec-expectations (~> 3.8.0)
      rspec-mocks (~> 3.8.0)
    rspec-core (3.8.0)
      rspec-support (~> 3.8.0)
    rspec-expectations (3.8.1)
      diff-lcs (>= 1.2.0, < 2.0)
      rspec-support (~> 3.8.0)
    rspec-mocks (3.8.0)
      diff-lcs (>= 1.2.0, < 2.0)
      rspec-support (~> 3.8.0)
    rspec-support (3.8.0)
    rubocop (0.77.0)
      jaro_winkler (~> 1.5.1)
      parallel (~> 1.10)
      parser (>= 2.6)
      rainbow (>= 2.2.2, < 4.0)
      ruby-progressbar (~> 1.7)
      unicode-display_width (>= 1.4.0, < 1.7)
    rubocop-govuk (2.0.0)
      rubocop (= 0.77)
      rubocop-rails (~> 2)
      rubocop-rspec (~> 1.28)
    rubocop-rails (2.4.2)
      rack (>= 1.1)
      rubocop (>= 0.72.0)
    rubocop-rspec (1.38.1)
      rubocop (>= 0.68.1)
    ruby-progressbar (1.10.1)
    safe_yaml (1.0.4)
    sentry-raven (2.7.4)
      faraday (>= 0.7.6, < 1.0)
    signet (0.9.2)
      addressable (~> 2.3)
      faraday (~> 0.9)
      jwt (>= 1.5, < 3.0)
      multi_json (~> 1.10)
    statsd-ruby (1.4.0)
    thread_safe (0.3.6)
    timecop (0.9.1)
    tzinfo (1.2.5)
      thread_safe (~> 0.1)
    uber (0.1.0)
    unicode-display_width (1.6.1)
    unicorn (5.4.1)
      kgio (~> 2.6)
      raindrops (~> 0.7)
    webmock (3.4.2)
      addressable (>= 2.3.6)
      crack (>= 0.3.2)
      hashdiff

PLATFORMS
  ruby

DEPENDENCIES
  google-api-client (~> 0.20)
  govuk_app_config (~> 1.4)
  plek (~> 2.1)
  pry-byebug
  rake (~> 12.3)
  rspec (~> 3.7)
  rubocop-govuk
  timecop (~> 0.9)
  tzinfo (~> 1.2)
  webmock (~> 3.3)

BUNDLED WITH
   1.17.2
